GEM
  remote: https://rubygems.org/
  specs:
    activesupport (6.1.4.1)
      concurrent-ruby (~> 1.0, >= 1.0.2)
      i18n (>= 1.6, < 2)
      minitest (>= 5.1)
      tzinfo (~> 2.0)
      zeitwerk (~> 2.3)
    addressable (2.8.0)
      public_suffix (>= 2.0.2, < 5.0)
    ansi (1.5.0)
    backports (3.21.0)
    builder (3.2.4)
    capybara (3.36.0)
      addressable
      matrix
      mini_mime (>= 0.1.3)
      nokogiri (~> 1.8)
      rack (>= 1.6.0)
      rack-test (>= 0.6.3)
      regexp_parser (>= 1.5, < 3.0)
      xpath (~> 3.2)
    coderay (1.1.3)
    coffee-script (2.4.1)
      coffee-script-source
      execjs
    coffee-script-source (1.12.2)
    concurrent-ruby (1.1.9)
    contracts (0.13.0)
    diff-lcs (1.4.4)
    dotenv (2.7.6)
    erubis (2.7.0)
    excon (0.88.0)
    execjs (2.8.1)
    fast_blank (1.0.1)
    fastimage (2.2.5)
    ffi (1.15.4)
    fog-aws (3.12.0)
      fog-core (~> 2.1)
      fog-json (~> 1.1)
      fog-xml (~> 0.1)
      ipaddress (~> 0.8)
    fog-core (2.2.4)
      builder
      excon (~> 0.71)
      formatador (~> 0.2)
      mime-types
    fog-json (1.2.0)
      fog-core
      multi_json (~> 1.10)
    fog-xml (0.1.4)
      fog-core
      nokogiri (>= 1.5.11, < 2.0.0)
    formatador (0.3.0)
    haml (5.2.2)
      temple (>= 0.8.0)
      tilt
    hamster (3.0.0)
      concurrent-ruby (~> 1.0)
    hashie (3.6.0)
    htmlcompressor (0.2.0)
    i18n (1.6.0)
      concurrent-ruby (~> 1.0)
    ipaddress (0.8.3)
    kramdown (2.3.1)
      rexml
    launchy (2.5.0)
      addressable (~> 2.7)
    listen (3.0.8)
      rb-fsevent (~> 0.9, >= 0.9.4)
      rb-inotify (~> 0.9, >= 0.9.7)
    map (6.6.0)
    matrix (0.4.2)
    memoist (0.16.2)
    method_source (1.0.0)
    middleman (4.4.2)
      coffee-script (~> 2.2)
      haml (>= 4.0.5)
      kramdown (>= 2.3.0)
      middleman-cli (= 4.4.2)
      middleman-core (= 4.4.2)
    middleman-blog (4.0.3)
      addressable (~> 2.3)
      middleman-core (>= 4.0.0)
      tzinfo (>= 0.3.0)
    middleman-cli (4.4.2)
      thor (>= 0.17.0, < 2.0)
    middleman-core (4.4.2)
      activesupport (>= 6.1, < 7.0)
      addressable (~> 2.4)
      backports (~> 3.6)
      bundler (~> 2.0)
      contracts (~> 0.13.0)
      dotenv
      erubis
      execjs (~> 2.0)
      fast_blank
      fastimage (~> 2.0)
      hamster (~> 3.0)
      hashie (~> 3.4)
      i18n (~> 1.6.0)
      listen (~> 3.0.0)
      memoist (~> 0.14)
      padrino-helpers (~> 0.15.0)
      parallel
      rack (>= 1.4.5, < 3)
      sassc (~> 2.0)
      servolux
      tilt (~> 2.0.9)
      toml
      uglifier (~> 3.0)
      webrick
    middleman-minify-html (3.4.1)
      htmlcompressor (~> 0.2.0)
      middleman-core (>= 3.2)
    middleman-pry (1.0.2)
      middleman (>= 3.3, < 5)
      pry (~> 0.9)
    middleman-s3_sync (4.0.3)
      ansi (~> 1.5.0)
      fog-aws (>= 0.1.1)
      map
      middleman-cli
      middleman-core (>= 4.0.0)
      parallel
      ruby-progressbar
      unf
    middleman-search_engine_sitemap (1.4.0)
      builder
      middleman-core (~> 4.0)
    mime-types (3.4.1)
      mime-types-data (~> 3.2015)
    mime-types-data (3.2021.1115)
    mini_mime (1.1.2)
    mini_portile2 (2.8.0)
    minitest (5.14.4)
    multi_json (1.15.0)
    nokogiri (1.13.5)
      mini_portile2 (~> 2.8.0)
      racc (~> 1.4)
    padrino-helpers (0.15.1)
      i18n (>= 0.6.7, < 2)
      padrino-support (= 0.15.1)
      tilt (>= 1.4.1, < 3)
    padrino-support (0.15.1)
    parallel (1.21.0)
    parslet (2.0.0)
    pry (0.14.1)
      coderay (~> 1.1)
      method_source (~> 1.0)
    public_suffix (4.0.6)
    racc (1.6.0)
    rack (2.2.3)
    rack-test (1.1.0)
      rack (>= 1.0, < 3)
    rb-fsevent (0.11.0)
    rb-inotify (0.10.1)
      ffi (~> 1.0)
    regexp_parser (2.1.1)
    rexml (3.2.5)
    rspec (3.10.0)
      rspec-core (~> 3.10.0)
      rspec-expectations (~> 3.10.0)
      rspec-mocks (~> 3.10.0)
    rspec-core (3.10.1)
      rspec-support (~> 3.10.0)
    rspec-expectations (3.10.1)
      diff-lcs (>= 1.2.0, < 2.0)
      rspec-support (~> 3.10.0)
    rspec-mocks (3.10.2)
      diff-lcs (>= 1.2.0, < 2.0)
      rspec-support (~> 3.10.0)
    rspec-support (3.10.3)
    ruby-progressbar (1.11.0)
    sassc (2.4.0)
      ffi (~> 1.9)
    servolux (0.13.0)
    temple (0.8.2)
    thor (1.1.0)
    tilt (2.0.10)
    toml (0.3.0)
      parslet (>= 1.8.0, < 3.0.0)
    tzinfo (2.0.4)
      concurrent-ruby (~> 1.0)
    uglifier (3.2.0)
      execjs (>= 0.3.0, < 3)
    unf (0.1.4)
      unf_ext
    unf_ext (0.0.8)
    webrick (1.7.0)
    xpath (3.2.0)
      nokogiri (~> 1.8)
    zeitwerk (2.5.1)

PLATFORMS
  ruby

DEPENDENCIES
  capybara (~> 3.2, >= 3.2.1)
  haml (~> 5.0, >= 5.0.4)
  launchy (~> 2.4, >= 2.4.3)
  middleman (~> 4.3, >= 4.3.2)
  middleman-blog (~> 4.0, >= 4.0.2)
  middleman-minify-html (~> 3.4)
  middleman-pry (~> 1.0)
  middleman-s3_sync (~> 4.0)
  middleman-search_engine_sitemap (~> 1.4)
  mime-types (~> 3.1)
  nokogiri (~> 1.13)
  rspec (~> 3.7)

BUNDLED WITH
   2.1.4
